GEM
  remote: https://oss:7AXfeZdAfCqL1PvHm2nvDJO6Zd9UW8IK@gem.mutant.dev/
  specs:
    mutant-license (0.1.1.2.1627430819213747598431630701693729869473.4)

GEM
  remote: https://rubygems.org/
  specs:
    ast (2.4.2)
    diff-lcs (1.4.4)
    minitest (5.14.4)
    mutant (0.11.2)
      diff-lcs (~> 1.3)
      parser (~> 3.0.0)
      regexp_parser (~> 2.0, >= 2.0.3)
      sorbet-runtime (~> 0.5.0)
      unparser (~> 0.6.2)
    mutant-minitest (0.11.2)
      minitest (~> 5.11)
      mutant (= 0.11.2)
    parser (3.0.3.2)
      ast (~> 2.4.1)
    regexp_parser (2.2.0)
    sorbet-runtime (0.5.9452)
    unparser (0.6.2)
      diff-lcs (~> 1.3)
      parser (>= 3.0.0)

PLATFORMS
  arm64-darwin-20

DEPENDENCIES
  mutant
  mutant-license!
  mutant-minitest

BUNDLED WITH
   2.2.33
